GEM
  specs:
    calevipoeg-zeus (0.1.8)
    dotenv (2.7.5)
    mina (1.2.3)
      open4 (~> 1.3.4)
      rake
    open4 (1.3.4)
    rake (13.0.1)

PLATFORMS
  ruby

DEPENDENCIES
  calevipoeg-zeus
  dotenv
  mina

BUNDLED WITH
   2.1.4
